{"Modality": "MR", "MagneticFieldStrength": 3, "ImagingFrequency": 123.26, "Manufacturer": "Siemens", "ManufacturersModelName": "Prisma_fit", "InstitutionName": "Mc_Connell_Brain_Imaging_Centre", "InstitutionalDepartmentName": "Department", "InstitutionAddress": "University_Street_3801_Montreal_District_CA_H3A_2B4", "DeviceSerialNumber": "167017", "StationName": "MRC35056", "BodyPartExamined": "CSPINE", "PatientPosition": "HFS", "ProcedureStepDescription": "Functional_Dr._Doyon", "SoftwareVersions": "syngo_MR_E11", "MRAcquisitionType": "2D", "SeriesDescription": "task-rest-AP_acq-p2-s3_run-1", "ProtocolName": "task-rest-AP_acq-p2-s3_run-1", "ScanningSequence": "EP", "SequenceVariant": "SK_OSP", "ScanOptions": "PFP_FS", "SequenceName": "_epfid2d1_120", "ImageType": ["ORIGINAL", "PRIMARY", "M", "ND", "NORM", "MOSAIC"], "SeriesNumber": 4, "AcquisitionTime": "09:10:57.817500", "AcquisitionNumber": 1, "SliceThickness": 4, "SpacingBetweenSlices": 4.4, "SAR": 0.0963089, "EchoTime": 0.023, "RepetitionTime": 1.55, "FlipAngle": 70, "PartialFourier": 0.875, "BaseResolution": 120, "ShimSetting": [223, -12037, -6457, -112, 21, -307, 293, -43], "TxRefAmp": 307.411, "PhaseResolution": 1, "PhaseOversampling": 0.2, "ReceiveCoilName": "HeadNeck_64", "ReceiveCoilActiveElements": "HC1-7;NC1,2", "CoilString": "HC1-7;NC1_2", "PulseSequenceDetails": "%SiemensSeq%_ep2d_bold", "RefLinesPE": 24, "ConsistencyInfo": "N4_VE11C_LATEST_20160120", "MultibandAccelerationFactor": 3, "PercentPhaseFOV": 100, "EchoTrainLength": 62, "PhaseEncodingSteps": 125, "AcquisitionMatrixPE": 120, "ReconMatrixPE": 120, "BandwidthPerPixelPhaseEncode": 22.401, "ParallelReductionFactorInPlane": 2, "EffectiveEchoSpacing": 0.000372007, "DerivedVendorReportedEchoSpacing": 0.000620012, "TotalReadoutTime": 0.0442689, "PixelBandwidth": 1895, "DwellTime": 2.2e-06, "PhaseEncodingDirection": "j-", "SliceTiming": [0, 0.7975, 0.065, 0.865, 0.1325, 0.93, 0.2, 0.9975, 0.265, 1.065, 0.3325, 1.13, 0.3975, 1.1975, 0.465, 1.2625, 0.5325, 1.33, 0.5975, 1.3975, 0.665, 1.4625, 0.7325, 0, 0.7975, 0.065, 0.865, 0.1325, 0.93, 0.2, 0.9975, 0.265, 1.065, 0.3325, 1.13, 0.3975, 1.1975, 0.465, 1.2625, 0.5325, 1.33, 0.5975, 1.3975, 0.665, 1.4625, 0.7325, 0, 0.7975, 0.065, 0.865, 0.1325, 0.93, 0.2, 0.9975, 0.265, 1.065, 0.3325, 1.13, 0.3975, 1.1975, 0.465, 1.2625, 0.5325, 1.33, 0.5975, 1.3975, 0.665, 1.4625, 0.7325], "ImageOrientationPatientDICOM": [1, 0, 0, 0, 0.994522, 0.104528], "InPlanePhaseEncodingDirectionDICOM": "COL", "ConversionSoftware": "dcm2niix", "ConversionSoftwareVersion": "v1.0.20190523  GCC4.9.3", "Dcm2bidsVersion": "2.1.4", "TaskName": "rest"}