{
    "Modality": "MR",
    "MagneticFieldStrength": 3,
    "ImagingFrequency": 123.25,
    "Manufacturer": "Siemens",
    "ManufacturersModelName": "Prisma_fit",
    "InstitutionName": "Mc_Connell_Brain_Imaging_Centre",
    "InstitutionalDepartmentName": "Department",
    "InstitutionAddress": "University_Street_3801_Montreal_District_CA_H3A_2B4",
    "DeviceSerialNumber": "167017",
    "StationName": "MRC35056",
    "BodyPartExamined": "CSPINE",
    "PatientPosition": "HFS",
    "ProcedureStepDescription": "Functional_Dr._Doyon",
    "SoftwareVersions": "syngo_MR_E11",
    "MRAcquisitionType": "2D",
    "SeriesDescription": "task-rest-AP_acq-p2-s3_run-1_Repeat",
    "ProtocolName": "task-rest-AP_acq-p2-s3_run-1_Repeat",
    "ScanningSequence": "EP",
    "SequenceVariant": "SK_OSP",
    "ScanOptions": "PFP_FS",
    "SequenceName": "_epfid2d1_120",
    "ImageType": [
        "ORIGINAL",
        "PRIMARY",
        "M",
        "ND",
        "NORM",
        "MOSAIC"
    ],
    "SeriesNumber": 20,
    "AcquisitionTime": "14:36:1.945000",
    "AcquisitionNumber": 1,
    "SliceThickness": 4,
    "SpacingBetweenSlices": 4.4,
    "SAR": 0.0731157,
    "EchoTime": 0.023,
    "RepetitionTime": 1.55,
    "FlipAngle": 70,
    "PartialFourier": 0.875,
    "BaseResolution": 120,
    "ShimSetting": [
        318,
        -11682,
        -6512,
        -28,
        -6,
        -143,
        263,
        -43
    ],
    "TxRefAmp": 246.891,
    "PhaseResolution": 1,
    "PhaseOversampling": 0.2,
    "ReceiveCoilName": "HeadNeck_64",
    "ReceiveCoilActiveElements": "HC1-7;NC1,2",
    "CoilString": "HC1-7;NC1_2",
    "PulseSequenceDetails": "%SiemensSeq%_ep2d_bold",
    "RefLinesPE": 24,
    "ConsistencyInfo": "N4_VE11C_LATEST_20160120",
    "MultibandAccelerationFactor": 3,
    "PercentPhaseFOV": 100,
    "EchoTrainLength": 62,
    "PhaseEncodingSteps": 125,
    "AcquisitionMatrixPE": 120,
    "ReconMatrixPE": 120,
    "BandwidthPerPixelPhaseEncode": 22.401,
    "ParallelReductionFactorInPlane": 2,
    "EffectiveEchoSpacing": 0.000372007,
    "DerivedVendorReportedEchoSpacing": 0.000620012,
    "TotalReadoutTime": 0.0442689,
    "PixelBandwidth": 1895,
    "DwellTime": 2.2e-06,
    "PhaseEncodingDirection": "j-",
    "SliceTiming": [
        0,
        0.8,
        0.0675,
        0.865,
        0.135,
        0.9325,
        0.2,
        1,
        0.2675,
        1.065,
        0.3325,
        1.1325,
        0.4,
        1.1975,
        0.4675,
        1.265,
        0.5325,
        1.3325,
        0.6,
        1.3975,
        0.6675,
        1.465,
        0.7325,
        0,
        0.8,
        0.0675,
        0.865,
        0.135,
        0.9325,
        0.2,
        1,
        0.2675,
        1.065,
        0.3325,
        1.1325,
        0.4,
        1.1975,
        0.4675,
        1.265,
        0.5325,
        1.3325,
        0.6,
        1.3975,
        0.6675,
        1.465,
        0.7325,
        0,
        0.8,
        0.0675,
        0.865,
        0.135,
        0.9325,
        0.2,
        1,
        0.2675,
        1.065,
        0.3325,
        1.1325,
        0.4,
        1.1975,
        0.4675,
        1.265,
        0.5325,
        1.3325,
        0.6,
        1.3975,
        0.6675,
        1.465,
        0.7325
    ],
    "ImageOrientationPatientDICOM": [
        1,
        0,
        0,
        0,
        1,
        0
    ],
    "InPlanePhaseEncodingDirectionDICOM": "COL",
    "ConversionSoftware": "dcm2niix",
    "ConversionSoftwareVersion": "v1.0.20190523  GCC4.9.3",
    "Dcm2bidsVersion": "2.1.4",
    "TaskName":"rest"
}