{
    "Modality": "MR",
    "MagneticFieldStrength": 3,
    "ImagingFrequency": 123.26,
    "Manufacturer": "Siemens",
    "ManufacturersModelName": "Prisma_fit",
    "InstitutionName": "Mc_Connell_Brain_Imaging_Centre",
    "InstitutionalDepartmentName": "Department",
    "InstitutionAddress": "University_Street_3801_Montreal_District_CA_H3A_2B4",
    "DeviceSerialNumber": "167017",
    "StationName": "MRC35056",
    "BodyPartExamined": "CSPINE",
    "PatientPosition": "HFS",
    "ProcedureStepDescription": "Functional_Dr._Doyon",
    "SoftwareVersions": "syngo_MR_E11",
    "MRAcquisitionType": "3D",
    "SeriesDescription": "t1_mprage_sag_p2_brainSpine_FOV375_1.3iso",
    "ProtocolName": "t1_mprage_sag_p2_brainSpine_FOV375_1.3iso",
    "ScanningSequence": "GR_IR",
    "SequenceVariant": "SK_SP_MP_OSP",
    "ScanOptions": "IR",
    "SequenceName": "_tfl3d1_16",
    "ImageType": [
        "ORIGINAL",
        "PRIMARY",
        "M",
        "NORM",
        "DIS3D",
        "DIS2D"
    ],
    "SeriesNumber": 3,
    "AcquisitionTime": "08:04:33.075000",
    "AcquisitionNumber": 1,
    "SliceThickness": 1.3,
    "SAR": 0.0601295,
    "EchoTime": 0.0033,
    "RepetitionTime": 2.3,
    "InversionTime": 0.925,
    "FlipAngle": 9,
    "PartialFourier": 1,
    "BaseResolution": 288,
    "ShimSetting": [
        203,
        -12034,
        -6428,
        -114,
        9,
        -244,
        151,
        8
    ],
    "TxRefAmp": 260.72,
    "PhaseResolution": 1,
    "ReceiveCoilName": "HeadNeck_64",
    "ReceiveCoilActiveElements": "HC1-7;NC1,2",
    "CoilString": "HC1-7;NC1_2",
    "PulseSequenceDetails": "%SiemensSeq%_tfl",
    "RefLinesPE": 24,
    "ConsistencyInfo": "N4_VE11C_LATEST_20160120",
    "PercentPhaseFOV": 97.2222,
    "PhaseEncodingSteps": 279,
    "AcquisitionMatrixPE": 280,
    "ReconMatrixPE": 280,
    "PixelBandwidth": 240,
    "DwellTime": 7.3e-06,
    "ImageOrientationPatientDICOM": [
        0,
        1,
        0,
        0,
        0,
        -1
    ],
    "InPlanePhaseEncodingDirectionDICOM": "ROW",
    "ConversionSoftware": "dcm2niix",
    "ConversionSoftwareVersion": "v1.0.20190523  GCC4.9.3",
    "Dcm2bidsVersion": "2.1.4"
}